PATH
  remote: .
  specs:
    joint (0.6.1)
      mime-types
      mongo_mapper (~> 0.9)
      wand (~> 0.4)

GEM
  remote: http://rubygems.org/
  specs:
    activemodel (3.1.3)
      activesupport (= 3.1.3)
      builder (~> 3.0.0)
      i18n (~> 0.6)
    activesupport (3.1.3)
      multi_json (~> 1.0)
    bson (1.3.1)
    bson_ext (1.3.1)
    builder (3.0.0)
    i18n (0.6.0)
    jnunemaker-matchy (0.4.0)
    mime-types (1.17.2)
    mocha (0.9.10)
      rake
    mongo (1.3.1)
      bson (>= 1.3.1)
    mongo_mapper (0.10.1)
      activemodel (~> 3.0)
      activesupport (~> 3.0)
      plucky (~> 0.4.0)
    multi_json (1.0.3)
    plucky (0.4.3)
      mongo (~> 1.3)
    rake (0.8.7)
    safe_shell (1.0.1)
    shoulda (2.11.3)
    wand (0.4)
      mime-types
      safe_shell (~> 1.0.0)

PLATFORMS
  ruby

DEPENDENCIES
  bson_ext
  jnunemaker-matchy
  joint!
  mocha
  shoulda
